GEM
  remote: https://rubygems.org/
  specs:
    addressable (2.5.2)
      public_suffix (>= 2.0.2, < 4.0)
    faraday (0.13.1)
      multipart-post (>= 1.2, < 3)
    io-console (0.4.6)
    multipart-post (2.0.0)
    netrc (0.11.0)
    octokit (4.7.0)
      sawyer (~> 0.8.0, >= 0.5.3)
    public_suffix (3.0.0)
    redcarpet (3.4.0)
    sawyer (0.8.1)
      addressable (>= 2.3.5, < 2.6)
      faraday (~> 0.8, < 1.0)

PLATFORMS
  ruby

DEPENDENCIES
  io-console
  netrc
  octokit
  redcarpet

RUBY VERSION
   ruby 2.4.0p0

BUNDLED WITH
   1.15.4
