GEM
  remote: https://rubygems.org/
  specs:
    addressable (2.3.5)
    cloudapp_api (0.4.0)
      httparty
      mime-types
    faraday (0.8.8)
      multipart-post (~> 1.2.0)
    httparty (0.12.0)
      json (~> 1.8)
      multi_xml (>= 0.5.2)
    io-console (0.4.2)
    json (1.8.1)
    mime-types (2.0)
    multi_xml (0.5.5)
    multipart-post (1.2.0)
    netrc (0.7.7)
    octokit (2.6.3)
      sawyer (~> 0.5.1)
    sawyer (0.5.1)
      addressable (~> 2.3.5)
      faraday (~> 0.8, < 0.10)

PLATFORMS
  ruby

DEPENDENCIES
  cloudapp_api
  io-console
  netrc
  octokit
