GEM
  remote: https://rubygems.org/
  specs:
    addressable (2.4.0)
    cloudapp_api (0.5.0)
      httparty (~> 0.13.5)
      mime-types (>= 1.16)
    faraday (0.9.2)
      multipart-post (>= 1.2, < 3)
    httparty (0.13.7)
      json (~> 1.8)
      multi_xml (>= 0.5.2)
    io-console (0.4.5)
    json (1.8.3)
    mime-types (3.0)
      mime-types-data (~> 3.2015)
    mime-types-data (3.2016.0221)
    multi_xml (0.5.5)
    multipart-post (2.0.0)
    netrc (0.11.0)
    octokit (4.3.0)
      sawyer (~> 0.7.0, >= 0.5.3)
    sawyer (0.7.0)
      addressable (>= 2.3.5, < 2.5)
      faraday (~> 0.8, < 0.10)

PLATFORMS
  ruby

DEPENDENCIES
  cloudapp_api
  io-console
  netrc
  octokit

BUNDLED WITH
   1.11.2
